PATH
  remote: .
  specs:
    pairing_heap (0.1.0)

GEM
  remote: https://rubygems.org/
  specs:
    minitest (5.14.3)
    rake (13.0.3)

PLATFORMS
  x86_64-darwin-20

DEPENDENCIES
  minitest (~> 5.0)
  pairing_heap!
  rake (~> 13.0)

BUNDLED WITH
   2.2.3
