PATH
  remote: .
  specs:
    pairing_heap (0.2.0)

GEM
  remote: https://rubygems.org/
  specs:
    minitest (5.15.0)
    rake (13.0.6)

PLATFORMS
  x86_64-darwin-21

DEPENDENCIES
  minitest (~> 5.0)
  pairing_heap!
  rake (~> 13.0)

BUNDLED WITH
   2.3.6
